PATH
  remote: .
  specs:
    middleman-bourbon (0.0.2)
      bourbon (>= 2.1.0)

GEM
  remote: http://rubygems.org/
  specs:
    bourbon (2.1.2)
      sass (>= 3.2)
      thor
    sass (3.2.3)
    thor (0.16.0)

PLATFORMS
  ruby

DEPENDENCIES
  middleman-bourbon!
